GEM
  remote: https://rubygems.org/
  specs:
    rack (2.0.5)

PLATFORMS
  ruby

DEPENDENCIES
  rack

RUBY VERSION
   ruby 2.6.0p0

BUNDLED WITH
   1.17.2
